GEM
  remote: http://rubygems.org/
  specs:
    archive-tar-minitar (0.5.2)
    asunit4 (4.2.3.pre)
    flashsdk (1.0.29.pre)
      sprout (>= 1.1.15.pre)
    open4 (1.1.0)
    rake (0.9.2)
    robotlegs (1.3.0.6.pre)
      flashsdk (>= 1.0.21.pre)
    rubyzip (0.9.4)
    sprout (1.1.15.pre)
      archive-tar-minitar (= 0.5.2)
      bundler (>= 0.9.19)
      open4 (>= 0.9.6)
      rake (>= 0.9.2)
      rubyzip (= 0.9.4)

PLATFORMS
  ruby

DEPENDENCIES
  asunit4 (>= 4.2.2.pre)
  flashsdk (>= 1.0.13.pre)
  robotlegs (>= 1.3.0.5.pre)
